GEM
  specs:
    power_assert (1.1.4)
    test-unit (3.3.3)
      power_assert

PLATFORMS
  ruby

DEPENDENCIES
  test-unit

BUNDLED WITH
   2.1.0.pre.1
