GEM
  remote: https://rubygems.org/
  specs:
    mustermann (1.0.3)
    power_assert (1.1.4)
    rack (2.0.8)
    rack-protection (2.0.7)
      rack
    sinatra (2.0.7)
      mustermann (~> 1.0)
      rack (~> 2.0)
      rack-protection (= 2.0.7)
      tilt (~> 2.0)
    test-unit (3.3.3)
      power_assert
    tilt (2.0.9)

PLATFORMS
  ruby

DEPENDENCIES
  sinatra
  test-unit

BUNDLED WITH
   2.1.0.pre.1
