GEM
  remote: https://rubygems.org/
  specs:
    mustermann (2.0.2)
      ruby2_keywords (~> 0.0.1)
    power_assert (2.0.1)
    rack (2.2.4)
    rack-protection (2.2.3)
      rack
    ruby2_keywords (0.0.5)
    sinatra (2.2.3)
      mustermann (~> 2.0)
      rack (~> 2.2)
      rack-protection (= 2.2.3)
      tilt (~> 2.0)
    test-unit (3.5.3)
      power_assert
    tilt (2.0.11)

PLATFORMS
  x86_64-linux

DEPENDENCIES
  sinatra
  test-unit

BUNDLED WITH
   2.3.7
